GEM
  remote: http://rubygems.org/
  specs:
    celluloid (0.17.3)
      celluloid-essentials
      celluloid-extras
      celluloid-fsm
      celluloid-pool
      celluloid-supervision
      timers (>= 4.1.1)
    celluloid-essentials (0.20.5)
      timers (>= 4.1.1)
    celluloid-extras (0.20.5)
      timers (>= 4.1.1)
    celluloid-fsm (0.20.5)
      timers (>= 4.1.1)
    celluloid-pool (0.20.5)
      timers (>= 4.1.1)
    celluloid-supervision (0.20.6)
      timers (>= 4.1.1)
    concurrent-ruby (1.0.5)
    dotenv (2.2.0)
    dry-configurable (0.6.2)
      concurrent-ruby (~> 1.0)
    dry-container (0.6.0)
      concurrent-ruby (~> 1.0)
      dry-configurable (~> 0.1, >= 0.1.3)
    dry-core (0.2.4)
      concurrent-ruby (~> 1.0)
    dry-equalizer (0.2.0)
    dry-logic (0.4.1)
      dry-container (~> 0.2, >= 0.2.6)
      dry-core (~> 0.2)
      dry-equalizer (~> 0.2)
    dry-types (0.9.4)
      concurrent-ruby (~> 1.0)
      dry-configurable (~> 0.1)
      dry-container (~> 0.3)
      dry-core (~> 0.2, >= 0.2.1)
      dry-equalizer (~> 0.2)
      dry-logic (~> 0.4, >= 0.4.0)
      inflecto (~> 0.0.0, >= 0.0.2)
    dry-validation (0.10.5)
      concurrent-ruby (~> 1.0)
      dry-configurable (~> 0.1, >= 0.1.3)
      dry-core (~> 0.2, >= 0.2.1)
      dry-equalizer (~> 0.2)
      dry-logic (~> 0.4, >= 0.4.0)
      dry-types (~> 0.9, >= 0.9.0)
    faraday (0.11.0)
      multipart-post (>= 1.2, < 3)
    faraday_middleware (0.11.0.1)
      faraday (>= 0.7.4, < 1.0)
    faraday_middleware-oauth2_refresh (0.0.3)
      faraday (~> 0.9, >= 0.9)
      faraday_middleware (~> 0, >= 0)
    faraday_middleware-request-retry (0.2.0)
      faraday (~> 0, >= 0)
      faraday_middleware (~> 0, >= 0)
    glip_sdk (0.0.5)
      ringcentral_sdk (~> 2, >= 2.0.0)
    hitimes (1.2.4)
    http_router (0.11.2)
      rack (>= 1.0.0)
      url_mount (~> 0.2.1)
    httpclient (2.8.3)
    i18n (0.8.1)
    ice_nine (0.11.2)
    inflecto (0.0.2)
    json (2.0.3)
    jsondoc (0.1.3)
    jwt (1.5.6)
    lita (4.7.1)
      bundler (>= 1.3)
      faraday (>= 0.8.7)
      http_router (>= 0.11.2)
      i18n (>= 0.6.9)
      ice_nine (>= 0.11.0)
      multi_json (>= 1.7.7)
      puma (>= 2.7.1)
      rack (>= 1.5.2, < 2.0.0)
      rb-readline (>= 0.5.1)
      redis-namespace (>= 1.3.0)
      thor (>= 0.18.1)
    lita-glip (0.0.4)
      glip_sdk (~> 0, >= 0.0.3)
      lita (~> 4, >= 4.4.3)
      multi_json (~> 1, >= 1.12.1)
    lita-stocks (0.0.7)
      lita (>= 2.3)
    lita_dotenv (0.0.3)
      dotenv (~> 2, >= 2.1.1)
      lita (~> 4, >= 4.4.3)
    logger (1.2.8)
    mime (0.4.3)
    mime-types (3.1)
      mime-types-data (~> 3.2015)
    mime-types-data (3.2016.0521)
    mime_builder (0.0.4)
      mime (~> 0.4, >= 0.4.3)
      mime-types (~> 3.1)
      multi_json (~> 1, >= 1.12.1)
    multi_json (1.12.1)
    multi_xml (0.6.0)
    multipart-post (2.0.0)
    oauth2 (1.3.1)
      faraday (>= 0.8, < 0.12)
      jwt (~> 1.0)
      multi_json (~> 1.3)
      multi_xml (~> 0.5)
      rack (>= 1.2, < 3)
    pubnub (4.0.19)
      celluloid (~> 0.17)
      dry-validation (~> 0.10)
      httpclient (~> 2.8)
      json (>= 1.8, < 3)
    puma (3.8.2)
    rack (1.6.5)
    rb-readline (0.5.4)
    redis (3.3.3)
    redis-namespace (1.5.3)
      redis (~> 3.0, >= 3.0.4)
    ringcentral_sdk (2.0.3)
      dotenv (~> 2.1, >= 2.1.0)
      faraday (~> 0, >= 0)
      faraday_middleware (~> 0, >= 0)
      faraday_middleware-oauth2_refresh (~> 0)
      faraday_middleware-request-retry (~> 0.1, >= 0.1.0)
      jsondoc (~> 0.1, >= 0.1.0)
      logger (~> 1)
      mime (~> 0.4, >= 0.4.3)
      mime-types (~> 3.1)
      mime_builder (~> 0, >= 0.0.4)
      multi_json (~> 1.3)
      oauth2 (~> 1.0, >= 1.0.0)
      pubnub (~> 4.0)
    thor (0.19.4)
    timers (4.1.2)
      hitimes
    url_mount (0.2.1)
      rack

PLATFORMS
  ruby

DEPENDENCIES
  lita
  lita-glip (>= 0.0.4)
  lita-stocks
  lita_dotenv (>= 0.0.3)

BUNDLED WITH
   1.13.7
